GEM
  remote: https://rubygems.org/
  specs:
    addressable (2.7.0)
      public_suffix (>= 2.0.2, < 5.0)
    css_parser (1.7.1)
      addressable
    htmlentities (4.3.4)
    metadown (1.0.1)
      redcarpet
    mini_portile2 (2.5.0)
    nokogiri (1.11.0)
      mini_portile2 (~> 2.5.0)
      racc (~> 1.4)
    nokogiri (1.11.0-x86_64-darwin)
      racc (~> 1.4)
    premailer (1.12.1)
      addressable
      css_parser (>= 1.6.0)
      htmlentities (>= 4.0.0)
    public_suffix (4.0.6)
    racc (1.5.2)
    redcarpet (3.5.1)

PLATFORMS
  ruby
  x86_64-darwin-19

DEPENDENCIES
  metadown
  nokogiri
  premailer

BUNDLED WITH
   2.2.3
